GEM
  remote: https://rubygems.org/
  specs:
    backports (3.11.1)
    multi_json (1.13.1)
    mustermann (1.0.2)
    power_assert (1.1.1)
    rack (2.0.4)
    rack-protection (2.0.1)
      rack
    rack-proxy (0.6.4)
      rack
    rack-test (0.8.3)
      rack (>= 1.0, < 3)
    rake (12.3.3)
    sinatra (2.0.1)
      mustermann (~> 1.0)
      rack (~> 2.0)
      rack-protection (= 2.0.1)
      tilt (~> 2.0)
    sinatra-contrib (2.0.1)
      backports (>= 2.0)
      multi_json
      mustermann (~> 1.0)
      rack-protection (= 2.0.1)
      sinatra (= 2.0.1)
      tilt (>= 1.3, < 3)
    test-unit (3.2.7)
      power_assert
    tilt (2.0.8)

PLATFORMS
  ruby

DEPENDENCIES
  rack-proxy
  rack-test
  rake
  sinatra
  sinatra-contrib
  test-unit

RUBY VERSION
   ruby 2.5.0p0

BUNDLED WITH
   1.16.1
